GEM
  remote: https://rubygems.org/
  specs:
    coderay (1.1.2)
    highline (1.7.8)
    method_source (0.9.0)
    pry (0.11.2)
      coderay (~> 1.1.0)
      method_source (~> 0.9.0)
    rainbow (2.2.2)
      rake
    rake (12.2.1)

PLATFORMS
  ruby

DEPENDENCIES
  highline
  pry
  rainbow

BUNDLED WITH
   1.16.0.pre.2
